PATH
  remote: .
  specs:
    dms (0.0.1)
      httparty (>= 0.6.1)

GEM
  remote: http://rubygems.org/
  specs:
    addressable (2.2.2)
    crack (0.1.8)
    httparty (0.6.1)
      crack (= 0.1.8)
    rspec (1.3.1)
    webmock (1.5.0)
      addressable (>= 2.2.2)
      crack (>= 0.1.7)

PLATFORMS
  ruby

DEPENDENCIES
  bundler (>= 1.0.3)
  dms!
  httparty (>= 0.6.1)
  rspec (= 1.3.1)
  webmock (= 1.5.0)
